GEM
  remote: https://rubygems.org/
  specs:
    rack (2.2.3)
    sd_notify (0.1.1)
    webrick (1.7.0)

PLATFORMS
  ruby

DEPENDENCIES
  rack
  sd_notify
  webrick

BUNDLED WITH
   2.1.4
